GEM
  remote: https://rubygems.org/
  specs:
    addressable (2.3.7)
    commander (4.3.0)
      highline (~> 1.6.11)
    faraday (0.9.1)
      multipart-post (>= 1.2, < 3)
    highline (1.6.21)
    httparty (0.13.3)
      json (~> 1.8)
      multi_xml (>= 0.5.2)
    json (1.8.2)
    multi_xml (0.5.5)
    multipart-post (2.0.0)
    octokit (3.7.1)
      sawyer (~> 0.6.0, >= 0.5.3)
    sawyer (0.6.0)
      addressable (~> 2.3.5)
      faraday (~> 0.8, < 0.10)

PLATFORMS
  ruby

DEPENDENCIES
  commander
  httparty
  octokit
